PATH
  remote: .
  specs:
    active_record-comments (0.1.3)
      activerecord (>= 4, < 7)

GEM
  remote: https://rubygems.org/
  specs:
    activemodel (5.2.3)
      activesupport (= 5.2.3)
    activerecord (5.2.3)
      activemodel (= 5.2.3)
      activesupport (= 5.2.3)
      arel (>= 9.0)
    activesupport (5.2.3)
      concurrent-ruby (~> 1.0, >= 1.0.2)
      i18n (>= 0.7, < 2)
      minitest (~> 5.1)
      tzinfo (~> 1.1)
    appraisal (0.5.1)
      bundler
      rake
    arel (9.0.0)
    bump (0.3.8)
    concurrent-ruby (1.1.5)
    diff-lcs (1.2.5)
    i18n (1.7.0)
      concurrent-ruby (~> 1.0)
    iconv (1.0.3)
    minitest (5.12.2)
    query_diet (0.3.1)
    rake (0.9.2)
    rspec (2.14.1)
      rspec-core (~> 2.14.0)
      rspec-expectations (~> 2.14.0)
      rspec-mocks (~> 2.14.0)
    rspec-core (2.14.7)
    rspec-expectations (2.14.4)
      diff-lcs (>= 1.1.3, < 2.0)
    rspec-mocks (2.14.4)
    sqlite3 (1.3.9)
    thread_safe (0.3.6)
    tzinfo (1.2.5)
      thread_safe (~> 0.1)
    wwtd (0.4.4)

PLATFORMS
  ruby

DEPENDENCIES
  active_record-comments!
  appraisal
  bump
  iconv
  query_diet
  rake
  rspec (~> 2.14)
  sqlite3
  wwtd
